PATH
  remote: .
  specs:
    mote (0.2.9)
      activemodel (= 3.0.0)
      activesupport (= 3.0.0)
      bson_ext (>= 1.2)
      fast-stemmer (>= 1.0.0)
      i18n
      mongo (>= 1.2)

GEM
  remote: http://rubygems.org/
  specs:
    activemodel (3.0.0)
      activesupport (= 3.0.0)
      builder (~> 2.1.2)
      i18n (~> 0.4.1)
    activesupport (3.0.0)
    bson (1.2.2)
    bson_ext (1.2.2)
    builder (2.1.2)
    diff-lcs (1.1.2)
    fast-stemmer (1.0.0)
    i18n (0.4.2)
    mongo (1.2.2)
      bson (>= 1.2.2)
    rspec (2.4.0)
      rspec-core (~> 2.4.0)
      rspec-expectations (~> 2.4.0)
      rspec-mocks (~> 2.4.0)
    rspec-core (2.4.0)
    rspec-expectations (2.4.0)
      diff-lcs (~> 1.1.2)
    rspec-mocks (2.4.0)
    simplecov (0.4.0)
      simplecov-html (~> 0.4.0)
    simplecov-html (0.4.3)

PLATFORMS
  ruby

DEPENDENCIES
  mote!
  rspec
  simplecov
