PATH
  remote: .
  specs:
    mote (0.0.1)
      activesupport (= 3.0.0)
      bson_ext
      i18n
      mongo

GEM
  remote: http://rubygems.org/
  specs:
    activesupport (3.0.0)
    bson (1.2.0)
    bson_ext (1.2.0)
    i18n (0.5.0)
    mongo (1.2.0)
      bson (>= 1.2.0)

PLATFORMS
  ruby

DEPENDENCIES
  activesupport (= 3.0.0)
  bson_ext
  i18n
  mongo
  mote!
